GEM
  remote: http://rubygems.org/
  specs:
    activesupport (3.1.3)
      multi_json (~> 1.0)
    diff-lcs (1.1.3)
    ffi (1.0.11)
    guard (0.9.4)
      ffi (>= 0.5.0)
      thor (~> 0.14.6)
    guard-rspec (0.5.10)
      guard (>= 0.8.4)
    i18n (0.6.0)
    image_size (1.0.4)
    multi_json (1.0.4)
    nokogiri (1.5.0)
    parallel (0.5.11)
    rspec (2.7.0)
      rspec-core (~> 2.7.0)
      rspec-expectations (~> 2.7.0)
      rspec-mocks (~> 2.7.0)
    rspec-core (2.7.1)
    rspec-expectations (2.7.0)
      diff-lcs (~> 1.1.2)
    rspec-mocks (2.7.0)
    thor (0.14.6)

PLATFORMS
  ruby

DEPENDENCIES
  activesupport (= 3.1.3)
  guard
  guard-rspec
  i18n (= 0.6.0)
  image_size (= 1.0.4)
  nokogiri (= 1.5.0)
  parallel (= 0.5.11)
  rspec (= 2.7.0)
